GEM
  remote: https://rubygems.org/
  specs:
    activesupport (6.0.3.2)
      concurrent-ruby (~> 1.0, >= 1.0.2)
      i18n (>= 0.7, < 2)
      minitest (~> 5.1)
      tzinfo (~> 1.1)
      zeitwerk (~> 2.2, >= 2.2.2)
    ansi (1.5.0)
    ast (2.4.2)
    atlassian-jwt (0.2.0)
      jwt (~> 2.1.0)
    aws-eventstream (1.1.0)
    aws-partitions (1.339.0)
    aws-sdk-core (3.103.0)
      aws-eventstream (~> 1, >= 1.0.2)
      aws-partitions (~> 1, >= 1.239.0)
      aws-sigv4 (~> 1.1)
      jmespath (~> 1.0)
    aws-sdk-kms (1.36.0)
      aws-sdk-core (~> 3, >= 3.99.0)
      aws-sigv4 (~> 1.1)
    aws-sdk-s3 (1.73.0)
      aws-sdk-core (~> 3, >= 3.102.1)
      aws-sdk-kms (~> 1)
      aws-sigv4 (~> 1.1)
    aws-sigv4 (1.1.3)
      aws-eventstream (~> 1.0, >= 1.0.2)
    byebug (10.0.2)
    concurrent-ruby (1.1.7)
    crash_parser (0.2.1)
      jira-ruby (~> 1.4)
    faraday (0.17.3)
      multipart-post (>= 1.2, < 3)
    faraday-digestauth (0.4.1)
      faraday (>= 0.7)
      net-http-digest_auth (~> 1.4)
    ffi (1.13.1)
    ffi-win32-extensions (1.0.4)
      ffi
    git (1.8.1)
      rchardet (~> 1.8)
    i18n (1.8.5)
      concurrent-ruby (~> 1.0)
    image_size (2.1.0)
    jira-ruby (1.8.0)
      activesupport
      atlassian-jwt
      multipart-post
      oauth (~> 0.5, >= 0.5.0)
    jmespath (1.4.0)
    jsonpath (1.0.5)
      multi_json
      to_regexp (~> 0.2.1)
    jwt (2.1.0)
    license_finder (6.12.0)
      bundler
      rubyzip (>= 1, < 3)
      thor (~> 1.0.1)
      tomlrb (>= 1.3, < 2.1)
      with_env (= 1.1.0)
      xml-simple (~> 1.1.5)
    mimemagic (0.3.5)
    minitest (5.14.2)
    multi_json (1.15.0)
    multipart-post (2.1.1)
    net-http-digest_auth (1.4.1)
    net-ping (2.0.8)
    net-telnet (0.2.0)
    oauth (0.5.4)
    oga (2.15)
      ast
      ruby-ll (~> 2.1)
    rchardet (1.8.0)
    roku_builder (4.21.7)
      faraday (~> 0.13)
      faraday-digestauth (~> 0.2)
      git (~> 1.3)
      image_size (~> 2.0)
      net-ping (~> 2.0)
      net-telnet (~> 0.1)
      oga (~> 2.11)
      rubyzip (~> 1.2)
      win32-security (~> 0.5)
    roku_builder_ci (4.2.1)
      aws-sdk-s3 (~> 1.23)
      roku_builder (~> 4.9)
    roku_builder_fakeServer (0.1.2)
      roku_builder (~> 4.21)
    roku_builder_generator (0.2.2)
      roku_builder (~> 4.4)
    roku_builder_lazy_debug (0.4.0)
      roku_builder (~> 4.4)
    roku_builder_locale (2.1.0)
      roku_builder (~> 4.13)
    roku_builder_rebrand (2.4.0)
      jsonpath
      roku_builder (~> 4.17)
    roku_builder_release (5.7.0)
      aws-sdk-s3 (~> 1.23)
      jira-ruby (~> 1.4)
      mimemagic (~> 0.3)
      roku_builder (~> 4.5)
    ruby-ll (2.1.2)
      ansi
      ast
    rubyzip (1.3.0)
    thor (1.0.1)
    thread_safe (0.3.6)
    to_regexp (0.2.1)
    tomlrb (2.0.1)
    tzinfo (1.2.7)
      thread_safe (~> 0.1)
    win32-security (0.5.0)
      ffi
      ffi-win32-extensions
    with_env (1.1.0)
    xml-simple (1.1.8)
    zeitwerk (2.3.0)

PLATFORMS
  ruby

DEPENDENCIES
  byebug (~> 10.0)
  crash_parser
  ffi (~> 1.13.1)
  license_finder
  roku_builder (= 4.21.7)
  roku_builder_ci (= 4.2.1)
  roku_builder_fakeServer (= 0.1.2)
  roku_builder_generator (= 0.2.2)
  roku_builder_lazy_debug (= 0.4.0)
  roku_builder_locale (= 2.1.0)
  roku_builder_rebrand (= 2.4.0)
  roku_builder_release (= 5.7.0)

BUNDLED WITH
   2.1.4
